PATH
  remote: .
  specs:
    metanorma-plugin-lutaml (0.1.0)
      asciidoctor (~> 2.0.0)
      isodoc
      liquid
      lutaml-uml (~> 0.2.0)
      metanorma
      relaton-cli

GEM
  remote: https://rubygems.org/
  specs:
    activesupport (5.2.4.4)
      concurrent-ruby (~> 1.0, >= 1.0.2)
      i18n (>= 0.7, < 2)
      minitest (~> 5.1)
      tzinfo (~> 1.1)
    addressable (2.7.0)
      public_suffix (>= 2.0.2, < 5.0)
    asciidoctor (2.0.10)
    asciimath (2.0.1)
    ast (2.4.1)
    bibtex-ruby (5.1.4)
      latex-decode (~> 0.0)
    blankslate (3.1.3)
    byebug (11.1.3)
    cnccs (0.1.6)
    concurrent-ruby (1.1.7)
    crack (0.4.4)
    diff-lcs (1.4.4)
    docile (1.3.2)
    domain_name (0.5.20190701)
      unf (>= 0.0.5, < 1.0.0)
    equivalent-xml (0.6.0)
      nokogiri (>= 1.4.3)
    faraday (1.0.1)
      multipart-post (>= 1.2, < 3)
    gb-agencies (0.0.7)
    hashdiff (1.0.1)
    hashie (4.1.0)
    html2doc (1.0.6)
      asciimath (~> 2.0.0)
      htmlentities (~> 4.3.4)
      image_size
      mime-types
      nokogiri (>= 1.10.4)
      plane1converter (~> 0.0.1)
      thread_safe
      uuidtools
    htmlentities (4.3.4)
    http-cookie (1.0.3)
      domain_name (~> 0.5)
    i18n (1.8.5)
      concurrent-ruby (~> 1.0)
    iev (0.2.4)
      nokogiri (>= 1.10.4)
    image_size (2.1.0)
    iso639 (1.3.2)
    isodoc (1.2.6)
      asciimath
      html2doc (~> 1.0.0)
      htmlentities (~> 4.3.4)
      liquid
      metanorma (~> 1.1.0)
      nokogiri (>= 1.10.4)
      relaton-cli
      roman-numerals
      thread_safe
      uuidtools
    isoics (0.1.9)
    latex-decode (0.3.1)
    latexmath (0.1.5)
      htmlentities (~> 4.3)
      ox (~> 2.13)
    liquid (4.0.3)
    lutaml-uml (0.2.0)
      activesupport (~> 5.0)
      hashie (~> 4.1.0)
      parslet (~> 1.7.1)
      ruby-graphviz (~> 1.2)
      thor (~> 1.0)
    mathml2asciimath (0.0.10)
      htmlentities (~> 4.3.4)
      nokogiri (>= 1.10.4)
    metanorma (1.1.7)
      asciidoctor
      htmlentities
      mn2pdf (~> 1)
      nokogiri
    metanorma-plugin-datastruct (0.1.0)
      asciidoctor (~> 2.0.0)
      isodoc
      liquid
      metanorma
      relaton-cli
    metanorma-standoc (1.6.1)
      asciidoctor (~> 2.0.0)
      concurrent-ruby
      iev (~> 0.2.1)
      isodoc (~> 1.2.0)
      latexmath
      mathml2asciimath
      metanorma-plugin-datastruct
      mimemagic
      relaton-cli (~> 1.5.0)
      relaton-iev (~> 1.0.0)
      ruby-jing
      sterile (~> 1.0.14)
      unicode2latex (~> 0.0.1)
    mime-types (3.3.1)
      mime-types-data (~> 3.2015)
    mime-types-data (3.2020.0512)
    mimemagic (0.3.5)
    mini_portile2 (2.4.0)
    minitest (5.14.2)
    mn2pdf (1.22.1)
    multipart-post (2.1.1)
    nokogiri (1.10.10)
      mini_portile2 (~> 2.4.0)
    optout (0.0.2)
    ox (2.13.4)
    parallel (1.19.2)
    parser (2.7.2.0)
      ast (~> 2.4.1)
    parslet (1.7.1)
      blankslate (>= 2.0, <= 4.0)
    plane1converter (0.0.1)
    powerpack (0.1.2)
    public_suffix (4.0.6)
    rainbow (3.0.0)
    rake (12.3.3)
    relaton (1.5.0)
      relaton-bipm (~> 1.5.0)
      relaton-calconnect (~> 1.5.0)
      relaton-gb (~> 1.5.0)
      relaton-iec (~> 1.5.0)
      relaton-ieee (~> 1.5.0)
      relaton-ietf (~> 1.5.0)
      relaton-iho (~> 1.5.0)
      relaton-iso (~> 1.5.0)
      relaton-itu (~> 1.5.0)
      relaton-nist (~> 1.5.0)
      relaton-ogc (~> 1.5.0)
      relaton-omg (~> 1.5.0)
      relaton-un (~> 1.5.0)
      relaton-w3c (~> 1.5.0)
    relaton-bib (1.5.0)
      addressable
      bibtex-ruby
      iso639
      nokogiri
    relaton-bipm (1.5.0)
      relaton-bib (~> 1.5.0)
    relaton-calconnect (1.5.0)
      faraday
      relaton-bib (~> 1.5.0)
    relaton-cli (1.5.0)
      liquid
      relaton (~> 1.5.0)
      thor
    relaton-gb (1.5.0)
      cnccs (~> 0.1.1)
      gb-agencies (~> 0.0.1)
      relaton-iso-bib (>= 1.5.0)
    relaton-iec (1.5.0)
      addressable
      relaton-iso-bib (~> 1.5.0)
    relaton-ieee (1.5.0)
      faraday (~> 1.0.0)
      relaton-bib (~> 1.5.0)
    relaton-ietf (1.5.0)
      relaton-bib (~> 1.5.0)
    relaton-iev (1.0.0)
      relaton (~> 1)
    relaton-iho (1.5.0)
      relaton-bib (~> 1.5.0)
    relaton-iso (1.5.0)
      relaton-iec (~> 1.5.0)
      relaton-iso-bib (~> 1.5.0)
    relaton-iso-bib (1.5.0)
      isoics (~> 0.1.6)
      relaton-bib (~> 1.5.0)
    relaton-itu (1.5.0)
      relaton-bib (~> 1.5.0)
    relaton-nist (1.5.0)
      relaton-bib (~> 1.5.0)
      rubyzip
    relaton-ogc (1.5.0)
      faraday (~> 1.0.0)
      relaton-iso-bib (~> 1.5.0)
    relaton-omg (1.5.0)
      relaton-bib (~> 1.5.0)
    relaton-un (1.5.0)
      faraday
      http-cookie
      relaton-bib (~> 1.5.0)
      unf_ext (>= 0.0.7.7)
    relaton-w3c (1.5.0)
      relaton-bib (>= 1.5.0)
    rexml (3.2.4)
    roman-numerals (0.3.0)
    rspec (3.9.0)
      rspec-core (~> 3.9.0)
      rspec-expectations (~> 3.9.0)
      rspec-mocks (~> 3.9.0)
    rspec-core (3.9.3)
      rspec-support (~> 3.9.3)
    rspec-expectations (3.9.2)
      diff-lcs (>= 1.2.0, < 2.0)
      rspec-support (~> 3.9.0)
    rspec-mocks (3.9.1)
      diff-lcs (>= 1.2.0, < 2.0)
      rspec-support (~> 3.9.0)
    rspec-support (3.9.3)
    rubocop (0.54.0)
      parallel (~> 1.10)
      parser (>= 2.5)
      powerpack (~> 0.1)
      rainbow (>= 2.2.2, < 4.0)
      ruby-progressbar (~> 1.7)
      unicode-display_width (~> 1.0, >= 1.0.1)
    ruby-graphviz (1.2.5)
      rexml
    ruby-jing (0.0.1)
      optout (>= 0.0.2)
    ruby-progressbar (1.10.1)
    rubyzip (2.3.0)
    simplecov (0.19.0)
      docile (~> 1.1)
      simplecov-html (~> 0.11)
    simplecov-html (0.12.3)
    sterile (1.0.17)
      nokogiri (>= 1.10.8)
    thor (1.0.1)
    thread_safe (0.3.6)
    timecop (0.9.1)
    tzinfo (1.2.7)
      thread_safe (~> 0.1)
    unf (0.1.4)
      unf_ext
    unf_ext (0.0.7.7)
    unicode-display_width (1.7.0)
    unicode2latex (0.0.4)
    uuidtools (2.2.0)
    vcr (5.0.0)
    webmock (3.9.2)
      addressable (>= 2.3.6)
      crack (>= 0.3.2)
      hashdiff (>= 0.4.0, < 2.0.0)

PLATFORMS
  ruby

DEPENDENCIES
  byebug
  equivalent-xml
  metanorma-plugin-lutaml!
  metanorma-standoc
  rake (~> 12.0)
  rspec (~> 3.6)
  rubocop (= 0.54.0)
  simplecov (~> 0.15)
  timecop (~> 0.9)
  vcr (~> 5.0.0)
  webmock

BUNDLED WITH
   2.0.2
